GEM
  remote: https://rubygems.org/
  specs:
    gosu (1.4.5)

PLATFORMS
  x86_64-darwin-21

DEPENDENCIES
  gosu

BUNDLED WITH
   2.4.8
